GEM
  remote: https://rubygems.org/
  specs:
    puma (3.12.0)
    rack (2.0.6)
    roda (3.14.0)
      rack
    tilt (2.0.8)

PLATFORMS
  ruby

DEPENDENCIES
  puma
  roda
  tilt

RUBY VERSION
   ruby 2.5.3p105

BUNDLED WITH
   1.17.1
